GEM
  remote: http://rubygems.org/
  specs:
    albino (1.3.3)
      posix-spawn (>= 0.3.6)
    diff-lcs (1.1.3)
    directory_watcher (1.4.1)
    github-markup (0.7.0)
    gollum (1.3.1)
      albino (~> 1.3.2)
      github-markup (>= 0.4.0, < 1.0.0)
      grit (~> 2.4.1)
      mustache (>= 0.11.2, < 1.0.0)
      nokogiri (~> 1.4)
      redcarpet
      sanitize (~> 2.0.0)
      sinatra (~> 1.0)
    gollum-site (0.1.11)
      directory_watcher
      gollum (>= 1.2.0)
      liquid (>= 2.2.2)
      mixlib-log (>= 1.1.0)
    grit (2.4.1)
      diff-lcs (~> 1.1)
      mime-types (~> 1.15)
    liquid (2.3.0)
    mime-types (1.17.2)
    mixlib-log (1.3.0)
    mustache (0.99.4)
    nokogiri (1.5.0)
    posix-spawn (0.3.6)
    rack (1.4.0)
    rack-protection (1.2.0)
      rack
    redcarpet (1.17.2)
    sanitize (2.0.3)
      nokogiri (>= 1.4.4, < 1.6)
    sinatra (1.3.2)
      rack (~> 1.3, >= 1.3.6)
      rack-protection (~> 1.2)
      tilt (~> 1.3, >= 1.3.3)
    tilt (1.3.3)

PLATFORMS
  ruby

DEPENDENCIES
  gollum
  gollum-site
  redcarpet (= 1.17.2)
