GIT
  remote: git://github.com/mojombo/grit.git
  revision: 593f6cae465aa6d4b089cede8dc0cd8c4b5fe6cc
  ref: 593f6cae46
  specs:
    grit (2.4.1)
      diff-lcs (~> 1.1)
      mime-types (~> 1.15)

GEM
  remote: http://rubygems.org/
  specs:
    RedCloth (4.2.9)
    albino (1.3.3)
      posix-spawn (>= 0.3.6)
    builder (3.0.0)
    creole (0.4.2)
    daemons (1.1.4)
    diff-lcs (1.1.3)
    directory_watcher (1.4.1)
    eventmachine (0.12.10)
    expression_parser (0.9.0)
    github-markup (0.7.0)
    gollum (1.3.1)
      albino (~> 1.3.2)
      github-markup (>= 0.4.0, < 1.0.0)
      grit (~> 2.4.1)
      mustache (>= 0.11.2, < 1.0.0)
      nokogiri (~> 1.4)
      redcarpet
      sanitize (~> 2.0.0)
      sinatra (~> 1.0)
    gollum-site (0.1.11)
      directory_watcher
      gollum (>= 1.2.0)
      liquid (>= 2.2.2)
      mixlib-log (>= 1.1.0)
    liquid (2.3.0)
    mime-types (1.17.2)
    mixlib-log (1.3.0)
    mustache (0.99.4)
    nokogiri (1.5.0)
    posix-spawn (0.3.6)
    rack (1.4.0)
    rack-protection (1.2.0)
      rack
    redcarpet (1.17.2)
    sanitize (2.0.3)
      nokogiri (>= 1.4.4, < 1.6)
    sinatra (1.3.2)
      rack (~> 1.3, >= 1.3.6)
      rack-protection (~> 1.2)
      tilt (~> 1.3, >= 1.3.3)
    thin (1.3.1)
      daemons (>= 1.0.9)
      eventmachine (>= 0.12.6)
      rack (>= 1.0.0)
    tilt (1.3.3)
    wikicloth (0.7.1)
      builder
      expression_parser

PLATFORMS
  ruby

DEPENDENCIES
  RedCloth
  creole
  directory_watcher
  gollum
  gollum-site
  grit!
  redcarpet
  thin
  wikicloth
